PATH
  remote: .
  specs:
    chef-handler-flowdock (0.1)
      flowdock (>= 0.2.2)

GEM
  remote: http://rubygems.org/
  specs:
    flowdock (0.2.2)
      httparty (~> 0.7)
      multi_json
    httparty (0.9.0)
      multi_json (~> 1.0)
      multi_xml
    multi_json (1.5.0)
    multi_xml (0.5.1)

PLATFORMS
  ruby

DEPENDENCIES
  chef-handler-flowdock!
